GEM
  remote: https://rubygems.org/
  specs:
    CFPropertyList (3.0.3)
    activesupport (5.2.6)
      concurrent-ruby (~> 1.0, >= 1.0.2)
      i18n (>= 0.7, < 2)
      minitest (~> 5.1)
      tzinfo (~> 1.1)
    addressable (2.8.0)
      public_suffix (>= 2.0.2, < 5.0)
    algoliasearch (1.27.5)
      httpclient (~> 2.8, >= 2.8.3)
      json (>= 1.5.1)
    atomos (0.1.3)
    babosa (1.0.2)
    claide (1.0.3)
    cocoapods (1.10.2)
      addressable (~> 2.6)
      claide (>= 1.0.2, < 2.0)
      cocoapods-core (= 1.10.2)
      cocoapods-deintegrate (>= 1.0.3, < 2.0)
      cocoapods-downloader (>= 1.4.0, < 2.0)
      cocoapods-plugins (>= 1.0.0, < 2.0)
      cocoapods-search (>= 1.0.0, < 2.0)
      cocoapods-trunk (>= 1.4.0, < 2.0)
      cocoapods-try (>= 1.1.0, < 2.0)
      colored2 (~> 3.1)
      escape (~> 0.0.4)
      fourflusher (>= 2.3.0, < 3.0)
      gh_inspector (~> 1.0)
      molinillo (~> 0.6.6)
      nap (~> 1.0)
      ruby-macho (~> 1.4)
      xcodeproj (>= 1.19.0, < 2.0)
    cocoapods-core (1.10.2)
      activesupport (> 5.0, < 6)
      addressable (~> 2.6)
      algoliasearch (~> 1.0)
      concurrent-ruby (~> 1.1)
      fuzzy_match (~> 2.0.4)
      nap (~> 1.0)
      netrc (~> 0.11)
      public_suffix
      typhoeus (~> 1.0)
    cocoapods-deintegrate (1.0.5)
    cocoapods-downloader (1.4.0)
    cocoapods-plugins (1.0.0)
      nap
    cocoapods-search (1.0.1)
    cocoapods-trunk (1.5.0)
      nap (>= 0.8, < 2.0)
      netrc (~> 0.11)
    cocoapods-try (1.2.0)
    colored (1.2)
    colored2 (3.1.2)
    commander (4.6.0)
      highline (~> 2.0.0)
    concurrent-ruby (1.1.9)
    credentials_manager (0.16.4)
      colored
      commander (>= 4.3.5)
      highline (>= 1.7.1)
      security
    domain_name (0.5.20190701)
      unf (>= 0.0.5, < 1.0.0)
    escape (0.0.4)
    ethon (0.14.0)
      ffi (>= 1.15.0)
    faraday (0.17.4)
      multipart-post (>= 1.2, < 3)
    faraday-cookie_jar (0.0.7)
      faraday (>= 0.8.0)
      http-cookie (~> 1.0.0)
    faraday_middleware (0.14.0)
      faraday (>= 0.7.4, < 1.0)
    fastimage (2.2.5)
    ffi (1.15.3)
    fourflusher (2.3.1)
    fuzzy_match (2.0.4)
    gh_inspector (1.1.3)
    highline (2.0.3)
    http-cookie (1.0.4)
      domain_name (~> 0.5)
    httpclient (2.8.3)
    i18n (1.8.10)
      concurrent-ruby (~> 1.0)
    jazzy (0.14.0)
      cocoapods (~> 1.5)
      mustache (~> 1.1)
      open4 (~> 1.3)
      redcarpet (~> 3.4)
      rexml (~> 3.2)
      rouge (>= 2.0.6, < 4.0)
      sassc (~> 2.1)
      sqlite3 (~> 1.3)
      xcinvoke (~> 0.3.0)
    json (2.5.1)
    liferaft (0.0.6)
    minitest (5.14.4)
    molinillo (0.6.6)
    multi_xml (0.6.0)
    multipart-post (2.1.1)
    mustache (1.1.1)
    nanaimo (0.3.0)
    nap (1.1.0)
    netrc (0.11.0)
    open4 (1.3.4)
    plist (3.6.0)
    public_suffix (4.0.6)
    redcarpet (3.5.1)
    rexml (3.2.5)
    rouge (2.0.7)
    ruby-macho (1.4.0)
    sassc (2.4.0)
      ffi (~> 1.9)
    security (0.1.5)
    spaceship (0.39.0)
      babosa (= 1.0.2)
      colored
      credentials_manager (>= 0.16.0)
      faraday (~> 0.9)
      faraday-cookie_jar (~> 0.0.6)
      faraday_middleware (~> 0.9)
      fastimage (>= 1.6)
      multi_xml (~> 0.5)
      plist (>= 3.1.0, < 4.0.0)
    sqlite3 (1.4.2)
    thread_safe (0.3.6)
    typhoeus (1.4.0)
      ethon (>= 0.9.0)
    tzinfo (1.2.9)
      thread_safe (~> 0.1)
    unf (0.1.4)
      unf_ext
    unf_ext (0.0.7.7)
    xcinvoke (0.3.0)
      liferaft (~> 0.0.6)
    xcode-install (2.0.9)
      claide (>= 0.9.1, < 1.1.0)
      spaceship (>= 0.25.1, < 1.0.0)
    xcodeproj (1.21.0)
      CFPropertyList (>= 2.3.3, < 4.0)
      atomos (~> 0.1.3)
      claide (>= 1.0.2, < 2.0)
      colored2 (~> 3.1)
      nanaimo (~> 0.3.0)
      rexml (~> 3.2.4)
    xcpretty (0.3.0)
      rouge (~> 2.0.7)

PLATFORMS
  ruby

DEPENDENCIES
  cocoapods
  jazzy
  xcode-install
  xcpretty

BUNDLED WITH
   2.2.26
